GIT
  remote: git://github.com/opscode/omnibus-software.git
  revision: d4c40493369dfd7365bdd97328aa010fd8c77123
  specs:
    omnibus-software (4.0.0)
      omnibus (>= 5.2.0)

GEM
  remote: https://rubygems.org/
  specs:
    aws-sdk (2.3.6)
      aws-sdk-resources (= 2.3.6)
    aws-sdk-core (2.3.6)
      jmespath (~> 1.0)
    aws-sdk-resources (2.3.6)
      aws-sdk-core (= 2.3.6)
    chef-config (12.10.24)
      fuzzyurl (~> 0.8.0)
      mixlib-config (~> 2.0)
      mixlib-shellout (~> 2.0)
    chef-sugar (3.3.0)
    cleanroom (1.0.0)
    ffi (1.9.10)
    ffi-yajl (2.2.3)
      libyajl2 (~> 1.2)
    fuzzyurl (0.8.0)
    ipaddress (0.8.3)
    jmespath (1.2.4)
      json_pure (>= 1.8.1)
    json_pure (1.8.3)
    libyajl2 (1.2.0)
    mixlib-cli (1.6.0)
    mixlib-config (2.2.1)
    mixlib-log (1.6.0)
    mixlib-shellout (2.2.6)
    mixlib-versioning (1.1.0)
    ohai (8.16.0)
      chef-config (>= 12.5.0.alpha.1, < 13)
      ffi (~> 1.9)
      ffi-yajl (~> 2.2)
      ipaddress
      mixlib-cli
      mixlib-config (~> 2.0)
      mixlib-log
      mixlib-shellout (~> 2.0)
      plist (~> 3.1)
      systemu (~> 2.6.4)
      wmi-lite (~> 1.0)
    omnibus (5.4.0)
      aws-sdk (~> 2)
      chef-sugar (~> 3.3)
      cleanroom (~> 1.0)
      ffi-yajl (~> 2.2)
      mixlib-shellout (~> 2.0)
      mixlib-versioning
      ohai (~> 8.0)
      ruby-progressbar (~> 1.7)
      thor (~> 0.18)
    plist (3.2.0)
    ruby-progressbar (1.8.1)
    systemu (2.6.5)
    thor (0.19.1)
    wmi-lite (1.0.0)

PLATFORMS
  ruby

DEPENDENCIES
  omnibus (= 5.4.0)
  omnibus-software!

BUNDLED WITH
   1.12.4
